PATH
  remote: ..
  specs:
    electron_opal (0.0.1)
      fssm
      haml
      opal (~> 0.10.0)
      sprockets (~> 3.2.0)

GEM
  remote: https://rubygems.org/
  specs:
    daemons (1.2.4)
    eventmachine (1.2.1)
    fssm (0.2.10)
    haml (4.0.7)
      tilt
    hike (1.2.3)
    opal (0.10.3)
      hike (~> 1.2)
      sourcemap (~> 0.1.0)
      sprockets (~> 3.1)
      tilt (>= 1.4)
    rack (1.6.5)
    rake (12.0.0)
    sourcemap (0.1.1)
    sprockets (3.2.0)
      rack (~> 1.0)
    thin (1.7.0)
      daemons (~> 1.0, >= 1.0.9)
      eventmachine (~> 1.0, >= 1.0.4)
      rack (>= 1, < 3)
    tilt (2.0.5)

PLATFORMS
  ruby

DEPENDENCIES
  electron_opal!
  rake
  thin

BUNDLED WITH
   1.13.6
